PATH
  remote: .
  specs:
    mongoid (1.9.5)
      activesupport (< 3.0.0)
      bson (~> 1.3.0)
      durran-validatable (>= 2.0.1)
      mongo (~> 1.3.0)
      will_paginate (< 2.9)

GEM
  remote: http://rubygems.org/
  specs:
    activesupport (2.3.11)
    bson (1.3.0)
    durran-validatable (2.0.1)
    mocha (0.9.8)
      rake
    mongo (1.3.0)
      bson (>= 1.3.0)
    rake (0.8.7)
    rspec (1.3.0)
    will_paginate (2.3.15)

PLATFORMS
  ruby

DEPENDENCIES
  mocha (= 0.9.8)
  mongoid!
  rspec (= 1.3.0)
